GEM
  remote: https://rubygems.org/
  specs:
    activesupport (6.1.4.1)
      concurrent-ruby (~> 1.0, >= 1.0.2)
      i18n (>= 1.6, < 2)
      minitest (>= 5.1)
      tzinfo (~> 2.0)
      zeitwerk (~> 2.3)
    concurrent-ruby (1.1.9)
    diff-lcs (1.4.4)
    i18n (1.8.11)
      concurrent-ruby (~> 1.0)
    knapsack (4.0.0)
      rake
    minitest (5.14.4)
    rake (13.0.6)
    rspec (3.10.0)
      rspec-core (~> 3.10.0)
      rspec-expectations (~> 3.10.0)
      rspec-mocks (~> 3.10.0)
    rspec-buildkite-analytics (0.4.0)
      activesupport (>= 5.2, <= 7.0)
      rspec-core (~> 3.10)
      rspec-expectations (~> 3.10)
      websocket (~> 1.2)
    rspec-core (3.10.1)
      rspec-support (~> 3.10.0)
    rspec-expectations (3.10.1)
      diff-lcs (>= 1.2.0, < 2.0)
      rspec-support (~> 3.10.0)
    rspec-mocks (3.10.2)
      diff-lcs (>= 1.2.0, < 2.0)
      rspec-support (~> 3.10.0)
    rspec-support (3.10.2)
    tzinfo (2.0.4)
      concurrent-ruby (~> 1.0)
    websocket (1.2.9)
    zeitwerk (2.5.1)

PLATFORMS
  -darwin-20
  x86_64-darwin-19

DEPENDENCIES
  knapsack
  rspec
  rspec-buildkite-analytics (= 0.4.0)

BUNDLED WITH
   2.2.17
